GEM
  remote: https://rubygems.org/
  specs:
    thor (0.19.4)

PLATFORMS
  ruby

DEPENDENCIES
  thor

RUBY VERSION
   ruby 2.3.1p112

BUNDLED WITH
   1.15.1
