GEM
  remote: https://rubygems.org/
  specs:
    dotenv (2.2.1)
    thor (0.19.4)

PLATFORMS
  ruby

DEPENDENCIES
  dotenv
  thor

RUBY VERSION
   ruby 2.3.1p112

BUNDLED WITH
   1.15.1
